GEM
  remote: https://rubygems.org/
  specs:
    airrecord (1.0.2)
      faraday (~> 0.10)
      net-http-persistent (>= 2.9)
    coderay (1.1.2)
    connection_pool (2.2.2)
    dotenv (2.7.5)
    faraday (0.15.4)
      multipart-post (>= 1.2, < 3)
    method_source (0.9.2)
    multipart-post (2.1.1)
    net-http-persistent (3.1.0)
      connection_pool (~> 2.2)
    pry (0.12.2)
      coderay (~> 1.1.0)
      method_source (~> 0.9.0)

PLATFORMS
  ruby

DEPENDENCIES
  airrecord
  dotenv
  pry

RUBY VERSION
   ruby 2.6.3p62

BUNDLED WITH
   1.17.2
